GIT
  remote: git://github.com/bm-sms/daimon_news-layout.git
  revision: b2303364234c2a89eb2ad4cbfccb0163c7aaaa10
  specs:
    daimon_news-layout (0.1.0)
      bourbon
      font-awesome-sass
      neat

GIT
  remote: git://github.com/mtsmfm/cocoon.git
  revision: 4a14bb3ae46a465c0385477eacab48385b9ddb59
  branch: fix-on-ready-for-jquery-3
  specs:
    cocoon (1.2.9)

GEM
  remote: https://rubygems.org/
  remote: https://rails-assets.org/
  specs:
    CFPropertyList (2.3.3)
    actionmailer (4.2.7.1)
      actionpack (= 4.2.7.1)
      actionview (= 4.2.7.1)
      activejob (= 4.2.7.1)
      mail (~> 2.5, >= 2.5.4)
      rails-dom-testing (~> 1.0, >= 1.0.5)
    actionpack (4.2.7.1)
      actionview (= 4.2.7.1)
      activesupport (= 4.2.7.1)
      rack (~> 1.6)
      rack-test (~> 0.6.2)
      rails-dom-testing (~> 1.0, >= 1.0.5)
      rails-html-sanitizer (~> 1.0, >= 1.0.2)
    actionview (4.2.7.1)
      activesupport (= 4.2.7.1)
      builder (~> 3.1)
      erubis (~> 2.7.0)
      rails-dom-testing (~> 1.0, >= 1.0.5)
      rails-html-sanitizer (~> 1.0, >= 1.0.2)
    active_decorator (0.7.1)
    active_link_to (1.0.3)
      actionpack
    active_model_serializers (0.10.3)
      actionpack (>= 4.1, < 6)
      activemodel (>= 4.1, < 6)
      jsonapi (= 0.1.1.beta2)
    active_record_query_trace (1.5.4)
    activejob (4.2.7.1)
      activesupport (= 4.2.7.1)
      globalid (>= 0.3.0)
    activemodel (4.2.7.1)
      activesupport (= 4.2.7.1)
      builder (~> 3.1)
    activerecord (4.2.7.1)
      activemodel (= 4.2.7.1)
      activesupport (= 4.2.7.1)
      arel (~> 6.0)
    activesupport (4.2.7.1)
      i18n (~> 0.7)
      json (~> 1.7, >= 1.7.7)
      minitest (~> 5.1)
      thread_safe (~> 0.3, >= 0.3.4)
      tzinfo (~> 1.1)
    addressable (2.5.0)
      public_suffix (~> 2.0, >= 2.0.2)
    airbrake (5.6.1)
      airbrake-ruby (~> 1.6)
    airbrake-ruby (1.6.0)
    ancestry (2.2.2)
      activerecord (>= 3.0.0)
    archive-zip (0.8.0)
      io-like (~> 0.3.0)
    arel (6.0.3)
    ast (2.3.0)
    autoprefixer-rails (6.5.3)
      execjs
    babel-source (5.8.35)
    babel-transpiler (0.7.0)
      babel-source (>= 4.0, < 6)
      execjs (~> 2.0)
    bcrypt (3.1.11)
    binding_of_caller (0.7.2)
      debug_inspector (>= 0.0.1)
    bootstrap-sass (3.3.7)
      autoprefixer-rails (>= 5.2.1)
      sass (>= 3.3.4)
    bootstrap_form (2.5.2)
    bourbon (4.2.7)
      sass (~> 3.4)
      thor (~> 0.19)
    browser (2.3.0)
    builder (3.2.2)
    bullet (5.4.2)
      activesupport (>= 3.0.0)
      uniform_notifier (~> 1.10.0)
    byebug (9.0.6)
    capybara (2.10.1)
      addressable
      mime-types (>= 1.16)
      nokogiri (>= 1.3.3)
      rack (>= 1.0.0)
      rack-test (>= 0.5.4)
      xpath (~> 2.0)
    carrierwave (0.11.2)
      activemodel (>= 3.2.0)
      activesupport (>= 3.2.0)
      json (>= 1.7)
      mime-types (>= 1.16)
      mimemagic (>= 0.3.0)
    choice (0.2.0)
    cliver (0.3.2)
    coderay (1.1.1)
    concurrent-ruby (1.0.2)
    daimon_markdown (0.6.0)
      html-pipeline
      redcarpet
      rouge
    database_cleaner (1.5.3)
    debug_inspector (0.0.2)
    devise (4.2.0)
      bcrypt (~> 3.0)
      orm_adapter (~> 0.1)
      railties (>= 4.1.0, < 5.1)
      responders
      warden (~> 1.2.3)
    erubis (2.7.0)
    excon (0.54.0)
    execjs (2.7.0)
    factory_girl (4.7.0)
      activesupport (>= 3.0.0)
    fission (0.5.0)
      CFPropertyList (~> 2.2)
    fog (1.38.0)
      fog-aliyun (>= 0.1.0)
      fog-atmos
      fog-aws (>= 0.6.0)
      fog-brightbox (~> 0.4)
      fog-cloudatcost (~> 0.1.0)
      fog-core (~> 1.32)
      fog-dynect (~> 0.0.2)
      fog-ecloud (~> 0.1)
      fog-google (<= 0.1.0)
      fog-json
      fog-local
      fog-openstack
      fog-powerdns (>= 0.1.1)
      fog-profitbricks
      fog-rackspace
      fog-radosgw (>= 0.0.2)
      fog-riakcs
      fog-sakuracloud (>= 0.0.4)
      fog-serverlove
      fog-softlayer
      fog-storm_on_demand
      fog-terremark
      fog-vmfusion
      fog-voxel
      fog-vsphere (>= 0.4.0)
      fog-xenserver
      fog-xml (~> 0.1.1)
      ipaddress (~> 0.5)
    fog-aliyun (0.1.0)
      fog-core (~> 1.27)
      fog-json (~> 1.0)
      ipaddress (~> 0.8)
      xml-simple (~> 1.1)
    fog-atmos (0.1.0)
      fog-core
      fog-xml
    fog-aws (0.12.0)
      fog-core (~> 1.38)
      fog-json (~> 1.0)
      fog-xml (~> 0.1)
      ipaddress (~> 0.8)
    fog-brightbox (0.11.0)
      fog-core (~> 1.22)
      fog-json
      inflecto (~> 0.0.2)
    fog-cloudatcost (0.1.2)
      fog-core (~> 1.36)
      fog-json (~> 1.0)
      fog-xml (~> 0.1)
      ipaddress (~> 0.8)
    fog-core (1.43.0)
      builder
      excon (~> 0.49)
      formatador (~> 0.2)
    fog-dynect (0.0.3)
      fog-core
      fog-json
      fog-xml
    fog-ecloud (0.3.0)
      fog-core
      fog-xml
    fog-google (0.1.0)
      fog-core
      fog-json
      fog-xml
    fog-json (1.0.2)
      fog-core (~> 1.0)
      multi_json (~> 1.10)
    fog-local (0.3.1)
      fog-core (~> 1.27)
    fog-openstack (0.1.17)
      fog-core (>= 1.40)
      fog-json (>= 1.0)
      ipaddress (>= 0.8)
    fog-powerdns (0.1.1)
      fog-core (~> 1.27)
      fog-json (~> 1.0)
      fog-xml (~> 0.1)
    fog-profitbricks (3.0.0)
      fog-core (~> 1.42)
      fog-json (~> 1.0)
    fog-rackspace (0.1.2)
      fog-core (>= 1.35)
      fog-json (>= 1.0)
      fog-xml (>= 0.1)
      ipaddress (>= 0.8)
    fog-radosgw (0.0.5)
      fog-core (>= 1.21.0)
      fog-json
      fog-xml (>= 0.0.1)
    fog-riakcs (0.1.0)
      fog-core
      fog-json
      fog-xml
    fog-sakuracloud (1.7.5)
      fog-core
      fog-json
    fog-serverlove (0.1.2)
      fog-core
      fog-json
    fog-softlayer (1.1.4)
      fog-core
      fog-json
    fog-storm_on_demand (0.1.1)
      fog-core
      fog-json
    fog-terremark (0.1.0)
      fog-core
      fog-xml
    fog-vmfusion (0.1.0)
      fission
      fog-core
    fog-voxel (0.1.0)
      fog-core
      fog-xml
    fog-vsphere (1.5.1)
      fog-core
      rbvmomi (~> 1.9)
    fog-xenserver (0.2.3)
      fog-core
      fog-xml
    fog-xml (0.1.2)
      fog-core
      nokogiri (~> 1.5, >= 1.5.11)
    font-awesome-sass (4.7.0)
      sass (>= 3.2)
    formatador (0.2.5)
    git-version-bump (0.15.1)
    globalid (0.3.7)
      activesupport (>= 4.1.0)
    gqtp (1.0.6)
    gretel (3.0.9)
      rails (>= 3.1.0)
    groonga-client (0.3.1)
      gqtp (>= 1.0.4)
      groonga-command (>= 1.2.8)
      hashie
    groonga-command (1.2.9)
      json
    haml (4.0.7)
      tilt
    haml-rails (0.9.0)
      actionpack (>= 4.0.1)
      activesupport (>= 4.0.1)
      haml (>= 4.0.6, < 5.0)
      html2haml (>= 1.0.1)
      railties (>= 4.0.1)
    hashie (3.4.6)
    heroku-deflater (0.6.2)
      rack (>= 1.4.5)
    html-pipeline (2.4.2)
      activesupport (>= 2)
      nokogiri (>= 1.4)
    html2haml (2.0.0)
      erubis (~> 2.7.0)
      haml (~> 4.0.0)
      nokogiri (~> 1.6.0)
      ruby_parser (~> 3.5)
    i18n (0.7.0)
    inflecto (0.0.2)
    io-like (0.3.0)
    ipaddress (0.8.3)
    json (1.8.3)
    jsonapi (0.1.1.beta2)
      json (~> 1.8)
    kaminari (0.17.0)
      actionpack (>= 3.0.0)
      activesupport (>= 3.0.0)
    launchy (2.4.3)
      addressable (~> 2.3)
    loofah (2.0.3)
      nokogiri (>= 1.5.9)
    mail (2.6.4)
      mime-types (>= 1.16, < 4)
    meta-tags (2.3.1)
      actionpack (>= 3.2.0, <= 5.1.0)
    method_source (0.8.2)
    mime-types (3.1)
      mime-types-data (~> 3.2015)
    mime-types-data (3.2016.0521)
    mimemagic (0.3.2)
    mini_portile2 (2.1.0)
    minitest (5.9.1)
    multi_json (1.12.1)
    neat (1.8.0)
      sass (>= 3.3)
      thor (~> 0.19)
    newrelic_rpm (3.17.1.326)
    nokogiri (1.6.8.1)
      mini_portile2 (~> 2.1.0)
    order_as_specified (1.2)
      activerecord (>= 4.0.1)
    orm_adapter (0.5.0)
    parser (2.3.2.0)
      ast (~> 2.2)
    pg (0.19.0)
    pkg-config (1.1.7)
    poltergeist (1.11.0)
      capybara (~> 2.1)
      cliver (~> 0.3.1)
      websocket-driver (>= 0.2.0)
    polyamorous (1.3.1)
      activerecord (>= 3.0)
    power_assert (0.3.1)
    powerpack (0.1.1)
    pry (0.10.4)
      coderay (~> 1.1.0)
      method_source (~> 0.8.1)
      slop (~> 3.4)
    pry-byebug (3.4.0)
      byebug (~> 9.0)
      pry (~> 0.10)
    pry-doc (0.9.0)
      pry (~> 0.9)
      yard (~> 0.8)
    pry-rails (0.3.4)
      pry (>= 0.9.10)
    public_suffix (2.0.4)
    puma (3.6.1)
    rack (1.6.5)
    rack-contrib (1.4.0)
      git-version-bump (~> 0.15)
      rack (~> 1.4)
    rack-cors (0.4.0)
    rack-test (0.6.3)
      rack (>= 1.0)
    rack-timeout (0.4.2)
    rails (4.2.7.1)
      actionmailer (= 4.2.7.1)
      actionpack (= 4.2.7.1)
      actionview (= 4.2.7.1)
      activejob (= 4.2.7.1)
      activemodel (= 4.2.7.1)
      activerecord (= 4.2.7.1)
      activesupport (= 4.2.7.1)
      bundler (>= 1.3.0, < 2.0)
      railties (= 4.2.7.1)
      sprockets-rails
    rails-assets-ace-builds (1.1.9)
    rails-assets-bootstrap (3.3.7)
      rails-assets-jquery (>= 1.9.1, < 4)
    rails-assets-bootstrap-markdown-editor (2.0.1)
      rails-assets-ace-builds (~> 1.1.8)
      rails-assets-bootstrap (~> 3.3.1)
    rails-assets-jquery (3.1.1)
    rails-assets-jquery-ujs (1.2.2)
      rails-assets-jquery (> 1.8)
    rails-assets-marked (0.3.6)
    rails-assets-spectrum (1.8.0)
      rails-assets-jquery (>= 1.7.2)
    rails-deprecated_sanitizer (1.0.3)
      activesupport (>= 4.2.0.alpha)
    rails-dom-testing (1.0.7)
      activesupport (>= 4.2.0.beta, < 5.0)
      nokogiri (~> 1.6.0)
      rails-deprecated_sanitizer (>= 1.0.1)
    rails-erd (1.5.0)
      activerecord (>= 3.2)
      activesupport (>= 3.2)
      choice (~> 0.2.0)
      ruby-graphviz (~> 1.2)
    rails-html-sanitizer (1.0.3)
      loofah (~> 2.0)
    rails-i18n (4.0.9)
      i18n (~> 0.7)
      railties (~> 4.0)
    rails_12factor (0.0.3)
      rails_serve_static_assets
      rails_stdout_logging
    rails_serve_static_assets (0.0.5)
    rails_stdout_logging (0.0.5)
    railties (4.2.7.1)
      actionpack (= 4.2.7.1)
      activesupport (= 4.2.7.1)
      rake (>= 0.8.7)
      thor (>= 0.18.1, < 2.0)
    rainbow (2.1.0)
    rake (11.3.0)
    rambulance (0.4.0)
      actionpack
      activesupport
      railties
    ransack (1.8.2)
      actionpack (>= 3.0)
      activerecord (>= 3.0)
      activesupport (>= 3.0)
      i18n
      polyamorous (~> 1.3)
    rbvmomi (1.9.4)
      builder (~> 3.2)
      json (>= 1.8)
      nokogiri (~> 1.5)
      trollop (~> 2.1)
    redcarpet (3.3.4)
    redis (3.3.2)
    redis-actionpack (5.0.1)
      actionpack (>= 4.0, < 6)
      redis-rack (>= 1, < 3)
      redis-store (>= 1.1.0, < 1.4.0)
    redis-activesupport (5.0.1)
      activesupport (>= 3, < 6)
      redis-store (~> 1.2.0)
    redis-rack (1.6.0)
      rack (~> 1.5)
      redis-store (~> 1.2.0)
    redis-rails (5.0.1)
      redis-actionpack (~> 5.0.0)
      redis-activesupport (~> 5.0.0)
      redis-store (~> 1.2.0)
    redis-store (1.2.0)
      redis (>= 2.2)
    responders (2.3.0)
      railties (>= 4.2.0, < 5.1)
    rouge (2.0.7)
    rr (1.2.0)
    rroonga (6.1.0)
      archive-zip
      groonga-client (>= 0.0.3)
      json
      pkg-config
    rubocop (0.45.0)
      parser (>= 2.3.1.1, < 3.0)
      powerpack (~> 0.1)
      rainbow (>= 1.99.1, < 3.0)
      ruby-progressbar (~> 1.7)
      unicode-display_width (~> 1.0, >= 1.0.1)
    ruby-graphviz (1.2.2)
    ruby-progressbar (1.8.1)
    ruby_parser (3.8.3)
      sexp_processor (~> 4.1)
    sass (3.4.22)
    sass-rails (5.0.6)
      railties (>= 4.0.0, < 6)
      sass (~> 3.1)
      sprockets (>= 2.8, < 4.0)
      sprockets-rails (>= 2.0, < 4.0)
      tilt (>= 1.1, < 3)
    seedbank (0.4.0)
    select2-rails (4.0.3)
      thor (~> 0.14)
    sexp_processor (4.7.0)
    simpleidn (0.0.7)
    sitemap_generator (5.2.0)
      builder (~> 3.0)
    slop (3.6.0)
    sprockets (3.7.0)
      concurrent-ruby (~> 1.0)
      rack (> 1, < 3)
    sprockets-es6 (0.9.2)
      babel-source (>= 5.8.11)
      babel-transpiler
      sprockets (>= 3.0.0)
    sprockets-rails (3.2.0)
      actionpack (>= 4.0)
      activesupport (>= 4.0)
      sprockets (>= 3.0.0)
    test-unit (3.2.2)
      power_assert
    test-unit-activesupport (1.0.6)
      activesupport
      test-unit
    test-unit-capybara (1.0.5)
      capybara (>= 2.1.0)
      json
      test-unit (>= 2.5.3)
    test-unit-notify (1.0.4)
      test-unit (>= 2.4.9)
    test-unit-rails (5.0.2)
      rails (>= 4.0.2)
      test-unit (>= 3.1.7)
      test-unit-activesupport (>= 1.0.2)
      test-unit-capybara (>= 1.0.5)
      test-unit-notify
      test-unit-rr (>= 1.0.4)
    test-unit-rr (1.0.5)
      rr (>= 1.1.1)
      test-unit (>= 2.5.2)
    thor (0.19.1)
    thread_safe (0.3.5)
    tilt (2.0.5)
    trollop (2.1.2)
    tzinfo (1.2.2)
      thread_safe (~> 0.1)
    uglifier (3.0.3)
      execjs (>= 0.3.0, < 3)
    unicode-display_width (1.1.1)
    uniform_notifier (1.10.0)
    warden (1.2.6)
      rack (>= 1.0)
    web-console (2.3.0)
      activemodel (>= 4.0)
      binding_of_caller (>= 0.7.2)
      railties (>= 4.0)
      sprockets-rails (>= 2.0, < 4.0)
    websocket-driver (0.6.4)
      websocket-extensions (>= 0.1.0)
    websocket-extensions (0.1.2)
    xml-simple (1.1.5)
    xpath (2.0.0)
      nokogiri (~> 1.3)
    yard (0.9.5)

PLATFORMS
  ruby

DEPENDENCIES
  active_decorator
  active_link_to
  active_model_serializers
  active_record_query_trace
  addressable
  airbrake
  ancestry
  bootstrap-sass
  bootstrap_form
  bourbon
  browser
  bullet
  capybara
  carrierwave
  cocoon!
  daimon_markdown
  daimon_news-layout!
  database_cleaner
  devise (>= 3.5.4)
  factory_girl
  fog
  font-awesome-sass
  gretel
  haml-rails
  heroku-deflater
  kaminari
  launchy
  meta-tags
  newrelic_rpm
  order_as_specified
  pg
  poltergeist
  pry-byebug
  pry-doc
  pry-rails
  puma
  rack-contrib
  rack-cors
  rack-timeout
  rails (~> 4.2.6)
  rails-assets-bootstrap-markdown-editor!
  rails-assets-jquery!
  rails-assets-jquery-ujs!
  rails-assets-marked!
  rails-assets-spectrum!
  rails-erd
  rails-i18n
  rails_12factor
  rambulance
  ransack
  redcarpet
  redis-rails
  rouge
  rroonga
  rubocop
  sass-rails
  seedbank
  select2-rails
  simpleidn
  sitemap_generator
  sprockets-es6
  test-unit-rails
  uglifier
  web-console (~> 2.0)

RUBY VERSION
   ruby 2.3.3p222

BUNDLED WITH
   1.13.6
